GEM
  remote: https://rubygems.org/
  specs:
    ansible_spec (0.2.20)
      hostlist_expression
      inifile
      oj
      serverspec (>= 2.0.0)
      winrm
    ansible_spec_plus (1.0.0)
      ansible_spec (~> 0.2, >= 0.2.19)
    builder (3.2.3)
    diff-lcs (1.3)
    erubis (2.7.0)
    ffi (1.9.18)
    gssapi (1.2.0)
      ffi (>= 1.0.1)
    gyoku (1.3.1)
      builder (>= 2.1.2)
    hostlist_expression (0.2.1)
    httpclient (2.8.3)
    inifile (3.0.0)
    little-plugger (1.1.4)
    logging (2.2.0)
      little-plugger (~> 1.1)
      multi_json (~> 1.10)
    multi_json (1.12.1)
    net-scp (1.2.1)
      net-ssh (>= 2.6.5)
    net-ssh (4.1.0)
    net-telnet (0.1.1)
    nori (2.6.0)
    oj (2.18.5)
    rspec (3.5.0)
      rspec-core (~> 3.5.0)
      rspec-expectations (~> 3.5.0)
      rspec-mocks (~> 3.5.0)
    rspec-core (3.5.4)
      rspec-support (~> 3.5.0)
    rspec-expectations (3.5.0)
      diff-lcs (>= 1.2.0, < 2.0)
      rspec-support (~> 3.5.0)
    rspec-its (1.2.0)
      rspec-core (>= 3.0.0)
      rspec-expectations (>= 3.0.0)
    rspec-mocks (3.5.0)
      diff-lcs (>= 1.2.0, < 2.0)
      rspec-support (~> 3.5.0)
    rspec-support (3.5.0)
    rubyntlm (0.6.1)
    serverspec (2.38.0)
      multi_json
      rspec (~> 3.0)
      rspec-its
      specinfra (~> 2.53)
    sfl (2.3)
    specinfra (2.67.7)
      net-scp
      net-ssh (>= 2.7, < 5.0)
      net-telnet
      sfl
    winrm (2.1.3)
      builder (>= 2.1.2)
      erubis (~> 2.7)
      gssapi (~> 1.2)
      gyoku (~> 1.0)
      httpclient (~> 2.2, >= 2.2.0.2)
      logging (>= 1.6.1, < 3.0)
      nori (~> 2.0)
      rubyntlm (~> 0.6.0, >= 0.6.1)

PLATFORMS
  ruby

DEPENDENCIES
  ansible_spec_plus

BUNDLED WITH
   1.14.6
